PATH
  remote: .
  specs:
    motion-facon (0.5.0.1)

GEM
  remote: http://rubygems.org/
  specs:
    rake (0.9.2.2)

PLATFORMS
  ruby

DEPENDENCIES
  motion-facon!
  rake
